GEM
  remote: https://rubygems.org/
  specs:
    aws-eventstream (1.1.0)
    aws-partitions (1.347.0)
    aws-sdk-core (3.104.3)
      aws-eventstream (~> 1, >= 1.0.2)
      aws-partitions (~> 1, >= 1.239.0)
      aws-sigv4 (~> 1.1)
      jmespath (~> 1.0)
    aws-sdk-dynamodb (1.51.0)
      aws-sdk-core (~> 3, >= 3.99.0)
      aws-sigv4 (~> 1.1)
    aws-sigv4 (1.2.1)
      aws-eventstream (~> 1, >= 1.0.2)
    backports (3.18.1)
    concurrent-ruby (1.1.6)
    domain_name (0.5.20190701)
      unf (>= 0.0.5, < 1.0.0)
    exercism_config (0.26.0)
      aws-sdk-dynamodb (~> 1.0)
      mandate
      zeitwerk
    http-accept (1.7.0)
    http-cookie (1.0.3)
      domain_name (~> 0.5)
    jmespath (1.4.0)
    mandate (0.3.0)
    mime-types (3.3.1)
      mime-types-data (~> 3.2015)
    mime-types-data (3.2020.0512)
    minitest (5.14.1)
    mocha (1.11.2)
    multi_json (1.15.0)
    mustermann (1.1.1)
      ruby2_keywords (~> 0.0.1)
    netrc (0.11.0)
    nio4r (2.5.2)
    parallel (1.19.2)
    puma (4.3.5)
      nio4r (~> 2.0)
    rack (2.2.3)
    rack-protection (2.0.8.1)
      rack
    rack-test (1.1.0)
      rack (>= 1.0, < 3)
    rake (13.0.1)
    rest-client (2.1.0)
      http-accept (>= 1.7.0, < 2.0)
      http-cookie (>= 1.0.2, < 2.0)
      mime-types (>= 1.16, < 4.0)
      netrc (~> 0.8)
    ruby2_keywords (0.0.2)
    sinatra (2.0.8.1)
      mustermann (~> 1.0)
      rack (~> 2.0)
      rack-protection (= 2.0.8.1)
      tilt (~> 2.0)
    sinatra-contrib (2.0.8.1)
      backports (>= 2.8.2)
      multi_json
      mustermann (~> 1.0)
      rack-protection (= 2.0.8.1)
      sinatra (= 2.0.8.1)
      tilt (~> 2.0)
    tilt (2.0.10)
    timecop (0.9.1)
    unf (0.1.4)
      unf_ext
    unf_ext (0.0.7.7)
    zeitwerk (2.4.0)

PLATFORMS
  ruby

DEPENDENCIES
  aws-sdk-dynamodb (~> 1.51)
  concurrent-ruby
  exercism_config (>= 0.21.0)
  mandate
  minitest
  mocha
  parallel
  puma
  rack-test
  rake
  rest-client
  sinatra
  sinatra-contrib
  timecop
  zeitwerk

BUNDLED WITH
   2.1.4
